GEM
  remote: https://rubygems.org/
  specs:
    ast (2.0.0)
    celluloid (0.15.2)
      timers (~> 1.1.0)
    coderay (1.1.0)
    diff-lcs (1.2.5)
    ffi (1.9.3-x64-mingw32)
    formatador (0.2.5)
    guard (2.6.1)
      formatador (>= 0.2.4)
      listen (~> 2.7)
      lumberjack (~> 1.0)
      pry (>= 0.9.12)
      thor (>= 0.18.1)
    guard-minitest (2.3.1)
      guard (~> 2.0)
      minitest (>= 3.0)
    guard-rake (0.0.9)
      guard
      rake
    guard-shell (0.6.1)
      guard (>= 1.1.0)
    hoe (3.12.0)
      rake (>= 0.8, < 11.0)
    json (1.8.1)
    kpeg (0.10.0)
    listen (2.7.9)
      celluloid (>= 0.15.2)
      rb-fsevent (>= 0.9.3)
      rb-inotify (>= 0.9)
    lumberjack (1.0.9)
    method_source (0.8.2)
    minitest (5.4.0)
    pry (0.10.0-x64-mingw32)
      coderay (~> 1.1.0)
      method_source (~> 0.8.1)
      slop (~> 3.4)
      win32console (~> 1.3)
    rake (10.3.2)
    rb-fsevent (0.9.4)
    rb-inotify (0.9.5)
      ffi (>= 0.5.0)
    rdoc (4.1.1)
      json (~> 1.4)
    rspec (3.0.0)
      rspec-core (~> 3.0.0)
      rspec-expectations (~> 3.0.0)
      rspec-mocks (~> 3.0.0)
    rspec-core (3.0.3)
      rspec-support (~> 3.0.0)
    rspec-expectations (3.0.3)
      diff-lcs (>= 1.2.0, < 2.0)
      rspec-support (~> 3.0.0)
    rspec-mocks (3.0.3)
      rspec-support (~> 3.0.0)
    rspec-support (3.0.3)
    slop (3.6.0)
    thor (0.19.1)
    timers (1.1.0)
    wdm (0.1.0)
    win32console (1.3.2)

PLATFORMS
  x64-mingw32

DEPENDENCIES
  ast
  guard
  guard-minitest
  guard-rake
  guard-shell
  hoe (~> 3.12)
  kpeg (~> 0.9)
  minitest (~> 5.4)
  rdoc (~> 4.0)
  rspec
  wdm
